PATH
  remote: .
  specs:
    factor (0.5.07)
      colored (~> 1.2)
      commander (~> 4.2.0)
      configatron (~> 4.2.0)
      faye-websocket (~> 0.7.4)
      rest_client (~> 1.7.3)

GEM
  remote: https://rubygems.org/
  specs:
    codeclimate-test-reporter (0.4.0)
      simplecov (>= 0.7.1, < 1.0.0)
    colored (1.2)
    commander (4.2.0)
      highline (~> 1.6.11)
    configatron (4.2.0)
    diff-lcs (1.2.4)
    docile (1.1.5)
    eventmachine (1.0.3)
    faye-websocket (0.7.4)
      eventmachine (>= 0.12.0)
      websocket-driver (>= 0.3.1)
    highline (1.6.21)
    multi_json (1.10.1)
    netrc (0.7.7)
    rake (10.3.2)
    rest_client (1.7.3)
      netrc (~> 0.7.7)
    rspec (3.0.0)
      rspec-core (~> 3.0.0)
      rspec-expectations (~> 3.0.0)
      rspec-mocks (~> 3.0.0)
    rspec-core (3.0.3)
      rspec-support (~> 3.0.0)
    rspec-expectations (3.0.3)
      diff-lcs (>= 1.2.0, < 2.0)
      rspec-support (~> 3.0.0)
    rspec-mocks (3.0.3)
      rspec-support (~> 3.0.0)
    rspec-support (3.0.3)
    simplecov (0.9.0)
      docile (~> 1.1.0)
      multi_json
      simplecov-html (~> 0.8.0)
    simplecov-html (0.8.0)
    websocket-driver (0.3.4)

PLATFORMS
  ruby

DEPENDENCIES
  codeclimate-test-reporter (~> 0.4.0)
  factor!
  rake (~> 10.3.2)
  rspec (~> 3.0.0)
