PATH
  remote: .
  specs:
    factor (0.5.04)
      colored (~> 1.2)
      commander (~> 4.1.5)
      configatron (~> 4.2.0)
      faye-websocket (~> 0.7.2)
      rest_client (~> 1.7.3)

GEM
  remote: https://rubygems.org/
  specs:
    codeclimate-test-reporter (0.3.0)
      simplecov (>= 0.7.1, < 1.0.0)
    colored (1.2)
    commander (4.1.6)
      highline (~> 1.6.11)
    configatron (4.2.0)
    diff-lcs (1.2.4)
    docile (1.1.5)
    eventmachine (1.0.3)
    faye-websocket (0.7.2)
      eventmachine (>= 0.12.0)
      websocket-driver (>= 0.3.1)
    highline (1.6.20)
    multi_json (1.10.1)
    netrc (0.7.7)
    rest_client (1.7.3)
      netrc (~> 0.7.7)
    rspec (2.14.1)
      rspec-core (~> 2.14.0)
      rspec-expectations (~> 2.14.0)
      rspec-mocks (~> 2.14.0)
    rspec-core (2.14.3)
    rspec-expectations (2.14.0)
      diff-lcs (>= 1.1.3, < 2.0)
    rspec-mocks (2.14.1)
    simplecov (0.9.0)
      docile (~> 1.1.0)
      multi_json
      simplecov-html (~> 0.8.0)
    simplecov-html (0.8.0)
    websocket-driver (0.3.2)

PLATFORMS
  ruby

DEPENDENCIES
  codeclimate-test-reporter (~> 0.3.0)
  factor!
  rspec (~> 2.14.1)
