PATH
  remote: .
  specs:
    factor (0.5.04)
      colored (~> 1.2)
      commander (~> 4.1.5)
      configatron (~> 4.2.0)
      faye-websocket (~> 0.7.2)
      rest_client (~> 1.7.3)

GEM
  remote: https://rubygems.org/
  specs:
    colored (1.2)
    commander (4.1.6)
      highline (~> 1.6.11)
    configatron (4.2.0)
    eventmachine (1.0.3)
    faye-websocket (0.7.2)
      eventmachine (>= 0.12.0)
      websocket-driver (>= 0.3.1)
    highline (1.6.20)
    netrc (0.7.7)
    rest_client (1.7.3)
      netrc (~> 0.7.7)
    websocket-driver (0.3.2)

PLATFORMS
  ruby

DEPENDENCIES
  factor!
