PATH
  remote: .
  specs:
    factor (0.6.12)
      colored (~> 1.2)
      commander (~> 4.3.0)
      configatron (~> 4.5.0)
      factor-connector-api (~> 0.0.14)
      liquid (~> 3.0.1)
      rest-client (~> 1.7.3)

GEM
  remote: https://rubygems.org/
  specs:
    celluloid (0.16.0)
      timers (~> 4.0.0)
    codeclimate-test-reporter (0.4.7)
      simplecov (>= 0.7.1, < 1.0.0)
    colored (1.2)
    commander (4.3.0)
      highline (~> 1.6.11)
    configatron (4.5.0)
    diff-lcs (1.2.5)
    docile (1.1.5)
    factor-connector-api (0.0.14)
      celluloid (~> 0.16.0)
    highline (1.6.21)
    hitimes (1.2.2)
    liquid (3.0.1)
    mime-types (2.4.3)
    multi_json (1.10.1)
    netrc (0.10.3)
    rake (10.4.2)
    rest-client (1.7.3)
      mime-types (>= 1.16, < 3.0)
      netrc (~> 0.7)
    rspec (3.2.0)
      rspec-core (~> 3.2.0)
      rspec-expectations (~> 3.2.0)
      rspec-mocks (~> 3.2.0)
    rspec-core (3.2.1)
      rspec-support (~> 3.2.0)
    rspec-expectations (3.2.0)
      diff-lcs (>= 1.2.0, < 2.0)
      rspec-support (~> 3.2.0)
    rspec-mocks (3.2.1)
      diff-lcs (>= 1.2.0, < 2.0)
      rspec-support (~> 3.2.0)
    rspec-support (3.2.2)
    simplecov (0.9.2)
      docile (~> 1.1.0)
      multi_json (~> 1.0)
      simplecov-html (~> 0.9.0)
    simplecov-html (0.9.0)
    timers (4.0.1)
      hitimes

PLATFORMS
  ruby

DEPENDENCIES
  codeclimate-test-reporter (~> 0.4.7)
  factor!
  rake (~> 10.4.2)
  rspec (~> 3.2.0)
