PATH
  remote: .
  specs:
    factor (0.6.11)
      colored (~> 1.2)
      commander (~> 4.2.1)
      configatron (~> 4.5.0)
      faye-websocket (~> 0.9.2)
      liquid (~> 3.0.0)
      rest-client (~> 1.7.2)

GEM
  remote: https://rubygems.org/
  specs:
    codeclimate-test-reporter (0.4.5)
      simplecov (>= 0.7.1, < 1.0.0)
    colored (1.2)
    commander (4.2.1)
      highline (~> 1.6.11)
    configatron (4.5.0)
    diff-lcs (1.2.5)
    docile (1.1.5)
    eventmachine (1.0.4)
    faye-websocket (0.9.2)
      eventmachine (>= 0.12.0)
      websocket-driver (>= 0.5.1)
    highline (1.6.21)
    liquid (3.0.0)
    mime-types (2.4.3)
    multi_json (1.10.1)
    netrc (0.10.2)
    rake (10.4.2)
    rest-client (1.7.2)
      mime-types (>= 1.16, < 3.0)
      netrc (~> 0.7)
    rspec (3.1.0)
      rspec-core (~> 3.1.0)
      rspec-expectations (~> 3.1.0)
      rspec-mocks (~> 3.1.0)
    rspec-core (3.1.7)
      rspec-support (~> 3.1.0)
    rspec-expectations (3.1.2)
      diff-lcs (>= 1.2.0, < 2.0)
      rspec-support (~> 3.1.0)
    rspec-mocks (3.1.3)
      rspec-support (~> 3.1.0)
    rspec-support (3.1.2)
    simplecov (0.9.1)
      docile (~> 1.1.0)
      multi_json (~> 1.0)
      simplecov-html (~> 0.8.0)
    simplecov-html (0.8.0)
    websocket-driver (0.5.1)
      websocket-extensions (>= 0.1.0)
    websocket-extensions (0.1.1)

PLATFORMS
  ruby

DEPENDENCIES
  codeclimate-test-reporter (~> 0.4.5)
  factor!
  rake (~> 10.4.2)
  rspec (~> 3.1.0)
